PATH
  remote: .
  specs:
    llm_specs (0.1.0)
      tldr (~> 1.0)

GEM
  remote: https://rubygems.org/
  specs:
    attr_extras (7.1.0)
    concurrent-ruby (1.3.5)
    date (3.4.1)
    diff-lcs (1.6.2)
    io-console (0.8.0)
    irb (1.15.2)
      pp (>= 0.6.0)
      rdoc (>= 4.0.0)
      reline (>= 0.4.2)
    minitest (5.25.5)
    optimist (3.2.1)
    patience_diff (1.2.0)
      optimist (~> 3.0)
    pp (0.6.2)
      prettyprint
    prettyprint (0.2.0)
    psych (5.2.6)
      date
      stringio
    rake (13.2.1)
    rdoc (6.13.1)
      psych (>= 4.0.0)
    reline (0.6.1)
      io-console (~> 0.5)
    stringio (3.1.7)
    super_diff (0.15.0)
      attr_extras (>= 6.2.4)
      diff-lcs
      patience_diff
    tldr (1.0.0)
      concurrent-ruby (~> 1.2)
      irb (~> 1.10)
      super_diff (~> 0.10)

PLATFORMS
  arm64-darwin-24
  ruby

DEPENDENCIES
  irb
  llm_specs!
  minitest (~> 5.16)
  rake (~> 13.0)

BUNDLED WITH
   2.6.9
